PATH
  remote: .
  specs:
    WriterFileUtils (0.1.3)

GEM
  remote: https://rubygems.org/
  specs:
    rake (10.5.0)

PLATFORMS
  ruby

DEPENDENCIES
  WriterFileUtils!
  bundler (~> 1.17)
  rake (~> 10.0)

BUNDLED WITH
   1.17.3
